GEM
  remote: https://rubygems.org/
  specs:
    puma (2.5.1)
      rack (>= 1.1, < 2.0)
    puma (2.5.1-java)
      rack (>= 1.1, < 2.0)
    rack (1.5.2)
    rack-protection (1.5.0)
      rack
    sinatra (1.4.3)
      rack (~> 1.4)
      rack-protection (~> 1.4)
      tilt (~> 1.3, >= 1.3.4)
    tilt (1.4.1)

PLATFORMS
  java
  ruby

DEPENDENCIES
  puma
  sinatra
